PATH
  remote: ../../
  specs:
    bubble-wrap (1.8.0)

GEM
  remote: https://rubygems.org/
  specs:
    rake (10.4.2)

PLATFORMS
  ruby

DEPENDENCIES
  bubble-wrap!
  rake
